PATH
  remote: .
  specs:
    hookah (0.1.0)
      async
      async-container

GEM
  remote: https://rubygems.org/
  specs:
    ast (2.4.2)
    async (2.0.0)
      console (~> 1.10)
      io-event (~> 1.0.0)
      timers (~> 4.1)
    async-container (0.16.12)
      async
      async-io
    async-io (1.32.2)
      async
    console (1.14.0)
      fiber-local
    diff-lcs (1.5.0)
    fiber-local (1.0.0)
    io-event (1.0.2)
    parallel (1.21.0)
    parser (3.1.0.0)
      ast (~> 2.4.1)
    rainbow (3.1.1)
    rake (13.0.6)
    regexp_parser (2.2.0)
    rexml (3.2.5)
    rspec (3.10.0)
      rspec-core (~> 3.10.0)
      rspec-expectations (~> 3.10.0)
      rspec-mocks (~> 3.10.0)
    rspec-core (3.10.1)
      rspec-support (~> 3.10.0)
    rspec-expectations (3.10.2)
      diff-lcs (>= 1.2.0, < 2.0)
      rspec-support (~> 3.10.0)
    rspec-mocks (3.10.2)
      diff-lcs (>= 1.2.0, < 2.0)
      rspec-support (~> 3.10.0)
    rspec-support (3.10.3)
    rubocop (1.24.1)
      parallel (~> 1.10)
      parser (>= 3.0.0.0)
      rainbow (>= 2.2.2, < 4.0)
      regexp_parser (>= 1.8, < 3.0)
      rexml
      rubocop-ast (>= 1.15.1, < 2.0)
      ruby-progressbar (~> 1.7)
      unicode-display_width (>= 1.4.0, < 3.0)
    rubocop-ast (1.15.1)
      parser (>= 3.0.1.1)
    rubocop-performance (1.13.1)
      rubocop (>= 1.7.0, < 2.0)
      rubocop-ast (>= 0.4.0)
    ruby-progressbar (1.11.0)
    standard (1.6.0)
      rubocop (= 1.24.1)
      rubocop-performance (= 1.13.1)
    timers (4.3.3)
    unicode-display_width (2.1.0)

PLATFORMS
  arm64-darwin-21

DEPENDENCIES
  hookah!
  rake (~> 13.0)
  rspec (~> 3.0)
  standard (~> 1.3)

BUNDLED WITH
   2.3.3
